GEM
  remote: https://rubygems.org/
  specs:
    addressable (2.4.0)
    bson (1.12.5)
    bson_ext (1.12.5)
      bson (~> 1.12.5)
    byebug (8.2.1)
    clogger (2.0.2)
      rack (~> 1.0)
    excon (0.45.4)
    git-version-bump (0.15.1)
    haml (4.0.7)
      tilt
    heroku (3.42.32)
      heroku-api (= 0.3.23)
      launchy (= 2.4.3)
      multi_json (= 1.11.2)
      net-ssh (= 2.9.2)
      net-ssh-gateway (= 1.2.0)
      netrc (= 0.10.3)
      rest-client (= 1.6.8)
      rubyzip (= 1.1.7)
    heroku-api (0.3.23)
      excon (~> 0.44)
      multi_json (~> 1.8)
    launchy (2.4.3)
      addressable (~> 2.3)
    maxminddb (0.1.8)
    mime-types (1.25.1)
    mongo (1.12.5)
      bson (= 1.12.5)
    multi_json (1.11.2)
    net-ssh (2.9.2)
    net-ssh-gateway (1.2.0)
      net-ssh (>= 2.6.5)
    netrc (0.10.3)
    puma (2.16.0)
    rack (1.6.4)
    rack-contrib (1.4.0)
      git-version-bump (~> 0.15)
      rack (~> 1.4)
    rack-protection (1.5.3)
      rack
    rdoc (4.2.1)
    rest-client (1.6.8)
      mime-types (~> 1.16)
      rdoc (>= 2.4.2)
    rpatricia (1.0.1)
    rubyzip (1.1.7)
    sinatra (1.4.7)
      rack (~> 1.5)
      rack-protection (~> 1.4)
      tilt (>= 1.3, < 3)
    tilt (2.0.2)
    unxf (2.2.1)
      rack (~> 1.1)
      rpatricia (~> 1.0)

PLATFORMS
  ruby

DEPENDENCIES
  bson
  bson_ext
  byebug
  clogger
  haml
  heroku
  maxminddb
  mongo
  puma
  rack-contrib
  sinatra
  unxf

BUNDLED WITH
   1.11.2
