GEM
  remote: https://rubygems.org/
  specs:
    addressable (2.3.6)
    bson (1.11.1)
    bson_ext (1.11.1)
      bson (~> 1.11.1)
    byebug (3.5.1)
      columnize (~> 0.8)
      debugger-linecache (~> 1.2)
      slop (~> 3.6)
    clogger (2.0.0)
      rack (~> 1.0)
    columnize (0.9.0)
    daemons (1.1.9)
    debugger-linecache (1.2.0)
    eventmachine (1.0.4)
    excon (0.42.1)
    geoip (1.4.0)
    haml (4.0.6)
      tilt
    heroku (3.21.4)
      heroku-api (~> 0.3.19)
      launchy (>= 0.3.2)
      multi_json (~> 1.10.1)
      netrc (>= 0.10.0)
      rest-client (= 1.6.7)
      rubyzip (= 0.9.9)
    heroku-api (0.3.22)
      excon (~> 0.38)
      multi_json (~> 1.8)
    launchy (2.4.3)
      addressable (~> 2.3)
    mime-types (2.4.3)
    mongo (1.11.1)
      bson (= 1.11.1)
    multi_json (1.10.1)
    netrc (0.10.2)
    rack (1.6.0)
    rack-contrib (1.2.0)
      rack (>= 0.9.1)
    rack-protection (1.5.3)
      rack
    rest-client (1.6.7)
      mime-types (>= 1.16)
    rpatricia (1.0.1)
    rubyzip (0.9.9)
    sinatra (1.4.5)
      rack (~> 1.4)
      rack-protection (~> 1.4)
      tilt (~> 1.3, >= 1.3.4)
    slop (3.6.0)
    thin (1.6.3)
      daemons (~> 1.0, >= 1.0.9)
      eventmachine (~> 1.0)
      rack (~> 1.0)
    tilt (1.4.1)
    unxf (2.2.1)
      rack (~> 1.1)
      rpatricia (~> 1.0)

PLATFORMS
  ruby

DEPENDENCIES
  bson
  bson_ext
  byebug
  clogger
  geoip
  haml
  heroku
  mongo
  rack-contrib
  sinatra
  thin
  unxf
