GEM
  remote: https://rubygems.org/
  specs:
    addressable (2.3.8)
    bson (1.12.3)
    bson_ext (1.12.3)
      bson (~> 1.12.3)
    byebug (5.0.0)
      columnize (= 0.9.0)
    clogger (2.0.2)
      rack (~> 1.0)
    columnize (0.9.0)
    domain_name (0.5.24)
      unf (>= 0.0.5, < 1.0.0)
    excon (0.45.4)
    git-version-bump (0.15.1)
    haml (4.0.6)
      tilt
    heroku (3.40.6)
      heroku-api (>= 0.3.19)
      launchy (>= 0.3.2)
      multi_json (>= 1.10)
      netrc (>= 0.10.0)
      rest-client (>= 1.6.0)
      rubyzip (>= 0.9.9)
    heroku-api (0.3.23)
      excon (~> 0.44)
      multi_json (~> 1.8)
    http-cookie (1.0.2)
      domain_name (~> 0.5)
    launchy (2.4.3)
      addressable (~> 2.3)
    maxminddb (0.1.7)
    mime-types (2.6.1)
    mongo (1.12.3)
      bson (= 1.12.3)
    multi_json (1.11.2)
    netrc (0.10.3)
    puma (2.12.3)
    rack (1.6.4)
    rack-contrib (1.4.0)
      git-version-bump (~> 0.15)
      rack (~> 1.4)
    rack-protection (1.5.3)
      rack
    rest-client (1.8.0)
      http-cookie (>= 1.0.2, < 2.0)
      mime-types (>= 1.16, < 3.0)
      netrc (~> 0.7)
    rpatricia (1.0.1)
    rubyzip (1.1.7)
    sinatra (1.4.6)
      rack (~> 1.4)
      rack-protection (~> 1.4)
      tilt (>= 1.3, < 3)
    tilt (2.0.1)
    unf (0.1.4)
      unf_ext
    unf_ext (0.0.7.1)
    unxf (2.2.1)
      rack (~> 1.1)
      rpatricia (~> 1.0)

PLATFORMS
  ruby

DEPENDENCIES
  bson
  bson_ext
  byebug
  clogger
  haml
  heroku
  maxminddb
  mongo
  puma
  rack-contrib
  sinatra
  unxf
