GEM
  remote: http://rubygems.org/
  specs:
    addressable (2.2.6)
    archive-tar-minitar (0.5.2)
    bson (1.5.2)
    bson_ext (1.5.2)
      bson (= 1.5.2)
    clogger (1.1.0)
      rack (> 0.9)
    columnize (0.3.6)
    daemons (1.1.4)
    eventmachine (0.12.10)
    geoip (1.1.1)
    haml (3.1.4)
    heroku (2.16.3)
      launchy (>= 0.3.2)
      rest-client (~> 1.6.1)
      rubyzip
      term-ansicolor (~> 1.0.5)
    launchy (2.0.5)
      addressable (~> 2.2.6)
    linecache19 (0.5.12)
      ruby_core_source (>= 0.1.4)
    mime-types (1.17.2)
    mongo (1.5.2)
      bson (= 1.5.2)
    rack (1.3.5)
    rack-contrib (1.1.0)
      rack (>= 0.9.1)
    rack-protection (1.1.4)
      rack
    rest-client (1.6.7)
      mime-types (>= 1.16)
    rpatricia (0.08)
    ruby-debug-base19 (0.11.25)
      columnize (>= 0.3.1)
      linecache19 (>= 0.5.11)
      ruby_core_source (>= 0.1.4)
    ruby-debug19 (0.11.6)
      columnize (>= 0.3.1)
      linecache19 (>= 0.5.11)
      ruby-debug-base19 (>= 0.11.19)
    ruby_core_source (0.1.5)
      archive-tar-minitar (>= 0.5.2)
    rubyzip (0.9.5)
    sinatra (1.3.1)
      rack (~> 1.3, >= 1.3.4)
      rack-protection (~> 1.1, >= 1.1.2)
      tilt (~> 1.3, >= 1.3.3)
    term-ansicolor (1.0.7)
    thin (1.3.1)
      daemons (>= 1.0.9)
      eventmachine (>= 0.12.6)
      rack (>= 1.0.0)
    tilt (1.3.3)
    unxf (2.1.0)
      rack (~> 1.1)
      rpatricia (~> 0.08)

PLATFORMS
  ruby

DEPENDENCIES
  bson_ext
  clogger
  geoip
  haml
  heroku
  mongo
  rack-contrib
  ruby-debug19
  sinatra
  thin
  unxf
